ObjectType = Image
NDims = 3
BinaryData = True
BinaryDataByteOrderMSB = False
CompressedData = True
CompressedDataSize = 430001
TransformMatrix = 1 0 0 0 1 0 0 0 1
Offset = 0 0 0
CenterOfRotation = 0 0 0
ElementSpacing = 2 2 2
DimSize = 128 128 64
AnatomicalOrientation = ???
ElementType = MET_UCHAR
ElementDataFile = engine_small.raw
