ObjectType = Image
NDims = 3
BinaryData = True
BinaryDataByteOrderMSB = False
CompressedData = True
CompressedDataSize = 12437865
TransformMatrix = 1 0 0 0 1 0 0 0 1
Offset = -201 957 -91
CenterOfRotation = 0 0 0
ElementSpacing = 1.4375 3 1.4375
DimSize = 256 231 256
AnatomicalOrientation = ???
ElementType = MET_SHORT
ElementDataFile = macoessix_small.raw
