ObjectType = Image
NDims = 3
BinaryData = True
BinaryDataByteOrderMSB = False
CompressedData = True
CompressedDataSize = 6193601
TransformMatrix = 1 0 0 0 1 0 0 0 1
Offset = -125 -858 -63
CenterOfRotation = 0 0 0
ElementSpacing = 0.976562 1.4 0.976562
DimSize = 256 230 256
AnatomicalOrientation = ???
ElementType = MET_SHORT
ElementDataFile = manix_small.raw
