ObjectType = Image
NDims = 3
BinaryData = True
BinaryDataByteOrderMSB = False
CompressedData = False
TransformMatrix = 1 0 0 0 1 0 0 0 1
Offset = 0 1 0
CenterOfRotation = 0 0 0
ElementSpacing = 0.01 0.01 0.01
DimSize = 256 256 257
AnatomicalOrientation = ???
ElementSize = 1 1 1
ElementType = MET_SHORT
ElementDataFile = bonsai.raw
